GEM
  remote: http://rubygems.org/
  specs:
    addressable (2.2.5)
    dalli (1.0.3)
    faraday (0.5.7)
      addressable (~> 2.2.4)
      multipart-post (~> 1.1.0)
      rack (>= 1.1.0, < 2)
    faraday_middleware (0.3.2)
      faraday (~> 0.5.4)
    haml (3.0.25)
    hashie (1.0.0)
    instagram (0.6.1)
      faraday (~> 0.5.4)
      faraday_middleware (~> 0.3.1)
      hashie (~> 1.0.0)
      multi_json (~> 0.0.5)
      ruby-hmac (~> 0.4.0)
    multi_json (0.0.5)
    multipart-post (1.1.0)
    rack (1.2.2)
    ruby-hmac (0.4.0)
    shotgun (0.9)
      rack (>= 1.0)
    sinatra (1.2.3)
      rack (~> 1.1)
      tilt (>= 1.2.2, < 2.0)
    tilt (1.2.2)
    yajl-ruby (0.8.2)

PLATFORMS
  ruby

DEPENDENCIES
  dalli
  faraday (= 0.5.7)
  haml
  instagram
  shotgun
  sinatra
  yajl-ruby
